GIT
  remote: git://github.com/jfhamlin/stacker.git
  revision: 628f0f6e5b77a099a7131037f5a212d93659bfe1
  branch: jfhamlin/parameter-plugins
  specs:
    stacker (0.3.0)
      activesupport (~> 4.0)
      aws-sdk (~> 1.25)
      coderay (~> 1.1)
      diffy (~> 3.0)
      indentation (~> 0.0)
      memoist (~> 0.9)
      rainbow (~> 1.1)
      thor (~> 0.18)

GEM
  remote: https://rubygems.org/
  specs:
    activesupport (4.2.6)
      i18n (~> 0.7)
      json (~> 1.7, >= 1.7.7)
      minitest (~> 5.1)
      thread_safe (~> 0.3, >= 0.3.4)
      tzinfo (~> 1.1)
    aws-sdk (1.66.0)
      aws-sdk-v1 (= 1.66.0)
    aws-sdk-v1 (1.66.0)
      json (~> 1.4)
      nokogiri (>= 1.4.4)
    coderay (1.1.1)
    diffy (3.1.0)
    i18n (0.7.0)
    indentation (0.1.1)
    json (1.8.3)
    memoist (0.14.0)
    mini_portile2 (2.0.0)
    minitest (5.9.0)
    nokogiri (1.6.7.2)
      mini_portile2 (~> 2.0.0.rc2)
    rainbow (1.99.2)
    thor (0.19.1)
    thread_safe (0.3.5)
    tzinfo (1.2.2)
      thread_safe (~> 0.1)

PLATFORMS
  ruby

DEPENDENCIES
  stacker!

BUNDLED WITH
   1.11.2
